PATH
  remote: .
  specs:
    github_flow (0.0.0)
      activerecord (~> 3.2)
      github_api (~> 0.4)
      sqlite3 (~> 1.3)

GEM
  remote: http://rubygems.org/
  specs:
    activemodel (3.2.3)
      activesupport (= 3.2.3)
      builder (~> 3.0.0)
    activerecord (3.2.3)
      activemodel (= 3.2.3)
      activesupport (= 3.2.3)
      arel (~> 3.0.2)
      tzinfo (~> 0.3.29)
    activesupport (3.2.3)
      i18n (~> 0.6)
      multi_json (~> 1.0)
    addressable (2.2.7)
    arel (3.0.2)
    builder (3.0.0)
    cucumber (1.1.9)
      builder (>= 2.1.2)
      diff-lcs (>= 1.1.2)
      gherkin (~> 2.9.0)
      json (>= 1.4.6)
      term-ansicolor (>= 1.0.6)
    diff-lcs (1.1.3)
    faraday (0.7.6)
      addressable (~> 2.2)
      multipart-post (~> 1.1)
      rack (~> 1.1)
    gherkin (2.9.0)
      json (>= 1.4.6)
    github_api (0.4.10)
      faraday (~> 0.7.6)
      hashie (~> 1.2.0)
      multi_json (~> 1.0)
      oauth2 (~> 0.5.2)
    growl (1.0.3)
    growl_notify (0.0.3)
      rb-appscript
    guard (0.8.8)
      thor (~> 0.14.6)
    guard-cucumber (0.7.4)
      cucumber (>= 0.10)
      guard (>= 0.8.3)
    guard-rspec (0.5.7)
      guard (>= 0.8.4)
    hashie (1.2.0)
    i18n (0.6.0)
    json (1.6.5)
    multi_json (1.3.2)
    multipart-post (1.1.5)
    oauth2 (0.5.2)
      faraday (~> 0.7)
      multi_json (~> 1.0)
    rack (1.4.1)
    rake (0.9.2.2)
    rb-appscript (0.6.1)
    rb-fsevent (0.9.0)
    sqlite3 (1.3.6)
    term-ansicolor (1.0.7)
    thor (0.14.6)
    tzinfo (0.3.33)

PLATFORMS
  ruby

DEPENDENCIES
  bundler
  github_flow!
  growl
  growl_notify
  guard (~> 0.8.8)
  guard-cucumber (= 0.7.4)
  guard-rspec (= 0.5.7)
  rake
  rb-fsevent
